GEM
  remote: https://rubygems.org/
  specs:
    awesome_print (1.9.2)
    coderay (1.1.3)
    fancy_irb (1.4.3)
      paint (>= 0.9, < 3.0)
      unicode-display_width (>= 1.1)
    ffi (1.15.5)
    hirb (0.7.3)
    hub (1.12.4)
    interactive_editor (0.0.11)
      spoon (>= 0.0.1)
    method_source (1.0.0)
    paint (2.3.0)
    pry (0.14.1)
      coderay (~> 1.1)
      method_source (~> 1.0)
    pry-doc (1.3.0)
      pry (~> 0.11)
      yard (~> 0.9.11)
    spoon (0.0.6)
      ffi
    unicode-display_width (2.3.0)
    yard (0.9.36)

PLATFORMS
  ruby

DEPENDENCIES
  awesome_print
  fancy_irb
  hirb
  hub
  interactive_editor
  pry
  pry-doc

BUNDLED WITH
   2.3.24
